GEM
  remote: http://rubygems.org/
  specs:
    activemodel (3.0.17)
      activesupport (= 3.0.17)
      builder (~> 2.1.2)
      i18n (~> 0.5.0)
    activerecord (3.0.17)
      activemodel (= 3.0.17)
      activesupport (= 3.0.17)
      arel (~> 2.0.10)
      tzinfo (~> 0.3.23)
    activesupport (3.0.17)
    arel (2.0.10)
    builder (2.1.2)
    git (1.2.5)
    i18n (0.5.0)
    jeweler (1.8.4)
      bundler (~> 1.0)
      git (>= 1.2.5)
      rake
      rdoc
    json (1.7.5)
    rake (10.0.2)
    rcov (1.0.0)
    rdoc (3.12)
      json (~> 1.4)
    sqlite3 (1.3.6)
    tzinfo (0.3.35)

PLATFORMS
  ruby

DEPENDENCIES
  activerecord (~> 3.0.0)
  jeweler
  rcov
  sqlite3
